STORAGE: NONE
RESTRICTION: == net6.0
NUGET
  remote: https://api.nuget.org/v3/index.json
    Fable.AST (3.1.1)
    Fable.Browser.Blob (1.1.4)
      Fable.Core (>= 3.0)
      FSharp.Core (>= 4.7.2)
    Fable.Browser.Dom (2.8)
      Fable.Browser.Blob (>= 1.1.4)
      Fable.Browser.Event (>= 1.4.6)
      Fable.Browser.WebStorage (>= 1.0.4)
      Fable.Core (>= 3.2.8)
      FSharp.Core (>= 4.7.2)
    Fable.Browser.Event (1.4.6)
      Fable.Browser.Gamepad (>= 1.0.3)
      Fable.Core (>= 3.0)
      FSharp.Core (>= 4.7.2)
    Fable.Browser.Gamepad (1.0.3)
      Fable.Core (>= 3.0)
      FSharp.Core (>= 4.7.2)
    Fable.Browser.WebStorage (1.0.4)
      Fable.Browser.Event (>= 1.4.4)
      Fable.Core (>= 3.0)
      FSharp.Core (>= 4.7.2)
    Fable.Browser.XMLHttpRequest (1.1.6)
      Fable.Browser.Blob (>= 1.1.4)
      Fable.Browser.Event (>= 1.4.4)
      Fable.Core (>= 3.0)
      FSharp.Core (>= 4.7.2)
    Fable.Core (3.6.1)
    Fable.DateFunctions (3.8.1)
      Fable.Core (>= 3.1.6)
      FSharp.Core (>= 4.7.2)
    Fable.Elmish (3.1)
      Fable.Core (>= 3.0)
      FSharp.Core (>= 4.6.2)
    Fable.Formatting.Markdown (1.0.1)
      FSharp.Core (>= 5.0)
    Fable.JsonProvider (1.0.1)
      FSharp.Core (>= 4.7)
    Fable.Parsimmon (4.1)
      Fable.Core (>= 3.0)
      FSharp.Core (>= 4.6.2)
    Fable.Promise (3.1.3)
      Fable.Core (>= 3.1.5)
      FSharp.Core (>= 4.7.2)
    Fable.React (7.4.3)
      Fable.Browser.Dom (>= 2.4.4)
      Fable.Core (>= 3.2.7)
      FSharp.Core (>= 4.7.2)
    Fable.Remoting.Json (2.20)
      FSharp.Core (>= 4.7.2)
      Newtonsoft.Json (>= 12.0.2)
    Fable.SimpleHttp (3.0)
      Fable.Browser.Dom (>= 1.0)
      Fable.Browser.XMLHttpRequest (>= 1.1)
      Fable.Core (>= 3.0)
      FSharp.Core (>= 4.6.2)
    Fable.SimpleJson (3.22)
      Fable.Core (>= 3.1.5)
      Fable.Parsimmon (>= 4.0)
      FSharp.Core (>= 4.7)
    Feliz (1.57)
      Fable.Core (>= 3.1.5)
      Fable.React (>= 7.4)
      Feliz.CompilerPlugins (>= 1.6)
      FSharp.Core (>= 4.7.2)
    Feliz.Bulma (2.18)
      Feliz (>= 1.32)
      FSharp.Core (>= 4.7.2)
    Feliz.CompilerPlugins (1.6)
      Fable.AST (>= 3.0)
      FSharp.Core (>= 4.7.2)
    Feliz.Router (3.8)
      Fable.Core (>= 3.1.6)
      Fable.Elmish (>= 3.1)
      Feliz (>= 1.28)
      Feliz.UseListener (>= 0.6.3)
      FSharp.Core (>= 4.7.2)
    Feliz.UseListener (0.6.3)
      Fable.Core (>= 3.1.6 < 4.0)
      Feliz (>= 1.17 < 2.0)
      FSharp.Core (>= 4.7.2)
    FSharp.Core (6.0.1)
    Microsoft.AspNetCore.JsonPatch (6.0.1)
      Microsoft.CSharp (>= 4.7)
      Newtonsoft.Json (>= 13.0.1)
    Microsoft.AspNetCore.Mvc.NewtonsoftJson (6.0.1)
      Microsoft.AspNetCore.JsonPatch (>= 6.0.1)
      Newtonsoft.Json (>= 13.0.1)
      Newtonsoft.Json.Bson (>= 1.0.2)
    Microsoft.CSharp (4.7)
    Microsoft.Extensions.ApiDescription.Server (6.0.1)
    Microsoft.NETCore.Platforms (6.0.1)
    Microsoft.NETCore.Targets (5.0)
    Microsoft.OpenApi (1.2.3)
    Newtonsoft.Json (13.0.1)
    Newtonsoft.Json.Bson (1.0.2)
      Newtonsoft.Json (>= 12.0.1)
    Ply (0.3.1)
      FSharp.Core (>= 4.6.2)
      System.Threading.Tasks.Extensions (>= 4.5.4)
    Swashbuckle.AspNetCore (6.2.3)
      Microsoft.Extensions.ApiDescription.Server (>= 3.0)
      Swashbuckle.AspNetCore.Swagger (>= 6.2.3)
      Swashbuckle.AspNetCore.SwaggerGen (>= 6.2.3)
      Swashbuckle.AspNetCore.SwaggerUI (>= 6.2.3)
    Swashbuckle.AspNetCore.Swagger (6.2.3)
      Microsoft.OpenApi (>= 1.2.3)
    Swashbuckle.AspNetCore.SwaggerGen (6.2.3)
      Swashbuckle.AspNetCore.Swagger (>= 6.2.3)
    Swashbuckle.AspNetCore.SwaggerUI (6.2.3)
    System.Collections (4.3)
      Microsoft.NETCore.Platforms (>= 1.1)
      Microsoft.NETCore.Targets (>= 1.1)
      System.Runtime (>= 4.3)
    System.Runtime (4.3.1)
      Microsoft.NETCore.Platforms (>= 1.1.1)
      Microsoft.NETCore.Targets (>= 1.1.3)
    System.Threading.Tasks.Extensions (4.5.4)
